GEM
  remote: https://rubygems.org/
  specs:
    curses (1.0.1)
    fuzzy_match (2.1.0)

PLATFORMS
  ruby

DEPENDENCIES
  curses
  fuzzy_match

BUNDLED WITH
   1.10.6
